PATH
  remote: .
  specs:
    pdf_form_filler (0.0.3)
      pdf-reader (~> 1.3.3)
      prawn (~> 0.15.0)
      prawn-templates (~> 0.0.1)

GEM
  remote: https://rubygems.org/
  specs:
    Ascii85 (1.0.2)
    afm (0.2.0)
    diff-lcs (1.1.3)
    hashery (2.1.1)
    pdf-core (0.1.6)
    pdf-reader (1.3.3)
      Ascii85 (~> 1.0.0)
      afm (~> 0.2.0)
      hashery (~> 2.0)
      ruby-rc4
      ttfunk
    prawn (0.15.0)
      pdf-core (~> 0.1.3)
      ttfunk (~> 1.1.0)
    prawn-templates (0.0.1)
      pdf-reader (~> 1.2)
      prawn (>= 0.15.0)
    rake (10.3.1)
    rspec (2.11.0)
      rspec-core (~> 2.11.0)
      rspec-expectations (~> 2.11.0)
      rspec-mocks (~> 2.11.0)
    rspec-core (2.11.1)
    rspec-expectations (2.11.2)
      diff-lcs (~> 1.1.3)
    rspec-mocks (2.11.2)
    ruby-rc4 (0.1.5)
    ttfunk (1.1.0)

PLATFORMS
  ruby

DEPENDENCIES
  pdf_form_filler!
  rake (~> 10.3.1)
  rspec (~> 2.11.0)
