PATH
  remote: .
  specs:
    pdf_form_filler (0.0.1)
      prawn (~> 0.12.0)

GEM
  remote: https://rubygems.org/
  specs:
    Ascii85 (1.0.1)
    diff-lcs (1.1.3)
    pdf-reader (1.1.1)
      Ascii85 (~> 1.0.0)
      ruby-rc4
    prawn (0.12.0)
      pdf-reader (>= 0.9.0)
      ttfunk (~> 1.0.2)
    rake (0.9.2.2)
    rspec (2.11.0)
      rspec-core (~> 2.11.0)
      rspec-expectations (~> 2.11.0)
      rspec-mocks (~> 2.11.0)
    rspec-core (2.11.1)
    rspec-expectations (2.11.2)
      diff-lcs (~> 1.1.3)
    rspec-mocks (2.11.2)
    ruby-rc4 (0.1.5)
    ttfunk (1.0.3)

PLATFORMS
  ruby

DEPENDENCIES
  pdf_form_filler!
  rake (~> 0.9.2)
  rspec (~> 2.11.0)
